GEM
  remote: https://rubygems.org/
  specs:
    chronic (0.10.2)
    faraday (0.9.1)
      multipart-post (>= 1.2, < 3)
    htmlentities (4.3.3)
    multi_json (1.11.0)
    multipart-post (2.0.0)
    redditkit (1.0.2)
      faraday (~> 0.8)
      htmlentities (~> 4.3)
      multi_json (~> 1.8)


PLATFORMS
  ruby

DEPENDENCIES
  redditkit
  whenever
